GEM
  remote: https://rubygems.org/
  specs:
    actioncable (6.0.3.7)
      actionpack (= 6.0.3.7)
      nio4r (~> 2.0)
      websocket-driver (>= 0.6.1)
    actionmailbox (6.0.3.7)
      actionpack (= 6.0.3.7)
      activejob (= 6.0.3.7)
      activerecord (= 6.0.3.7)
      activestorage (= 6.0.3.7)
      activesupport (= 6.0.3.7)
      mail (>= 2.7.1)
    actionmailer (6.0.3.7)
      actionpack (= 6.0.3.7)
      actionview (= 6.0.3.7)
      activejob (= 6.0.3.7)
      mail (~> 2.5, >= 2.5.4)
      rails-dom-testing (~> 2.0)
    actionpack (6.0.3.7)
      actionview (= 6.0.3.7)
      activesupport (= 6.0.3.7)
      rack (~> 2.0, >= 2.0.8)
      rack-test (>= 0.6.3)
      rails-dom-testing (~> 2.0)
      rails-html-sanitizer (~> 1.0, >= 1.2.0)
    actiontext (6.0.3.7)
      actionpack (= 6.0.3.7)
      activerecord (= 6.0.3.7)
      activestorage (= 6.0.3.7)
      activesupport (= 6.0.3.7)
      nokogiri (>= 1.8.5)
    actionview (6.0.3.7)
      activesupport (= 6.0.3.7)
      builder (~> 3.1)
      erubi (~> 1.4)
      rails-dom-testing (~> 2.0)
      rails-html-sanitizer (~> 1.1, >= 1.2.0)
    active_storage_validations (0.8.9)
      rails (>= 5.2.0)
    activejob (6.0.3.7)
      activesupport (= 6.0.3.7)
      globalid (>= 0.3.6)
    activemodel (6.0.3.7)
      activesupport (= 6.0.3.7)
    activerecord (6.0.3.7)
      activemodel (= 6.0.3.7)
      activesupport (= 6.0.3.7)
    activestorage (6.0.3.7)
      actionpack (= 6.0.3.7)
      activejob (= 6.0.3.7)
      activerecord (= 6.0.3.7)
      marcel (~> 1.0.0)
    activesupport (6.0.3.7)
      concurrent-ruby (~> 1.0, >= 1.0.2)
      i18n (>= 0.7, < 2)
      minitest (~> 5.1)
      tzinfo (~> 1.1)
      zeitwerk (~> 2.2, >= 2.2.2)
    addressable (2.8.1)
      public_suffix (>= 2.0.2, < 6.0)
    airbrake (10.0.6)
      airbrake-ruby (~> 4.13)
    airbrake-ruby (4.15.0)
      rbtree3 (~> 0.5)
    ast (2.4.2)
    autoprefixer-rails (10.1.0.0)
      execjs
    awesome_print (1.9.2)
    aws-eventstream (1.2.0)
    aws-partitions (1.660.0)
    aws-sdk-cloudwatchlogs (1.34.0)
      aws-sdk-core (~> 3, >= 3.99.0)
      aws-sigv4 (~> 1.1)
    aws-sdk-core (3.167.0)
      aws-eventstream (~> 1, >= 1.0.2)
      aws-partitions (~> 1, >= 1.651.0)
      aws-sigv4 (~> 1.5)
      jmespath (~> 1, >= 1.6.1)
    aws-sdk-kms (1.59.0)
      aws-sdk-core (~> 3, >= 3.165.0)
      aws-sigv4 (~> 1.1)
    aws-sdk-medialive (1.44.0)
      aws-sdk-core (~> 3, >= 3.71.0)
      aws-sigv4 (~> 1.1)
    aws-sdk-mediastore (1.24.0)
      aws-sdk-core (~> 3, >= 3.71.0)
      aws-sigv4 (~> 1.1)
    aws-sdk-s3 (1.62.0)
      aws-sdk-core (~> 3, >= 3.83.0)
      aws-sdk-kms (~> 1)
      aws-sigv4 (~> 1.1)
    aws-sigv4 (1.5.2)
      aws-eventstream (~> 1, >= 1.0.2)
    bcrypt (3.1.18)
    bindex (0.8.1)
    bootsnap (1.13.0)
      msgpack (~> 1.2)
    bootstrap (5.2.2)
      autoprefixer-rails (>= 9.1.0)
      popper_js (>= 2.11.6, < 3)
      sassc-rails (>= 2.0.0)
    bootstrap_form (5.1.0)
      actionpack (>= 5.2)
      activemodel (>= 5.2)
    browser (5.3.1)
    builder (3.2.4)
    byebug (11.1.3)
    cancancan (3.1.0)
    charlock_holmes (0.7.7)
    cocoon (1.2.15)
    coderay (1.1.3)
    coffee-rails (5.0.0)
      coffee-script (>= 2.2.0)
      railties (>= 5.2.0)
    coffee-script (2.4.1)
      coffee-script-source
      execjs
    coffee-script-source (1.12.2)
    cometchat (0.6.1)
      rest-client (~> 2.0.2)
    concurrent-ruby (1.1.10)
    connection_pool (2.3.0)
    crack (0.4.5)
      rexml
    crass (1.0.6)
    diff-lcs (1.5.0)
    docile (1.4.0)
    domain_name (0.5.20190701)
      unf (>= 0.0.5, < 1.0.0)
    dotenv (2.8.1)
    dotenv-rails (2.8.1)
      dotenv (= 2.8.1)
      railties (>= 3.2)
    erubi (1.11.0)
    execjs (2.7.0)
    factory_bot (6.2.1)
      activesupport (>= 5.0.0)
    factory_bot_rails (6.2.0)
      factory_bot (~> 6.2.0)
      railties (>= 5.0.0)
    faraday (2.6.0)
      faraday-net_http (>= 2.0, < 3.1)
      ruby2_keywords (>= 0.0.4)
    faraday-net_http (3.0.2)
    fast_jsonapi (1.5)
      activesupport (>= 4.2)
    fcm (1.0.8)
      faraday (>= 1.0.0, < 3.0)
      googleauth (~> 1)
    ffi (1.15.5)
    formatador (1.1.0)
    globalid (1.0.0)
      activesupport (>= 5.0)
    googleauth (1.3.0)
      faraday (>= 0.17.3, < 3.a)
      jwt (>= 1.4, < 3.0)
      memoist (~> 0.16)
      multi_json (~> 1.11)
      os (>= 0.9, < 2.0)
      signet (>= 0.16, < 2.a)
    guard (2.18.0)
      formatador (>= 0.2.4)
      listen (>= 2.7, < 4.0)
      lumberjack (>= 1.0.12, < 2.0)
      nenv (~> 0.1)
      notiffany (~> 0.0)
      pry (>= 0.13.0)
      shellany (~> 0.0)
      thor (>= 0.18.1)
    guard-compat (1.2.1)
    guard-rspec (4.7.3)
      guard (~> 2.1)
      guard-compat (~> 1.1)
      rspec (>= 2.99.0, < 4.0)
    haml (5.2.2)
      temple (>= 0.8.0)
      tilt
    haml-rails (2.1.0)
      actionpack (>= 5.1)
      activesupport (>= 5.1)
      haml (>= 4.0.6)
      railties (>= 5.1)
    haml_lint (0.37.1)
      haml (>= 4.0, < 5.3)
      parallel (~> 1.10)
      rainbow
      rubocop (>= 0.50.0)
      sysexits (~> 1.1)
    hashdiff (1.0.1)
    http-cookie (1.0.5)
      domain_name (~> 0.5)
    i18n (0.9.5)
      concurrent-ruby (~> 1.0)
    image_processing (1.12.2)
      mini_magick (>= 4.9.5, < 5)
      ruby-vips (>= 2.0.17, < 3)
    jmespath (1.6.1)
    jquery-rails (4.5.1)
      rails-dom-testing (>= 1, < 3)
      railties (>= 4.2.0)
      thor (>= 0.14, < 2.0)
    jsonapi_parameters (2.3.0)
      actionpack (>= 4.1.8)
      activesupport (>= 4.1.8)
    jwt (2.5.0)
    kaminari (1.2.2)
      activesupport (>= 4.1.0)
      kaminari-actionview (= 1.2.2)
      kaminari-activerecord (= 1.2.2)
      kaminari-core (= 1.2.2)
    kaminari-actionview (1.2.2)
      actionview
      kaminari-core (= 1.2.2)
    kaminari-activerecord (1.2.2)
      activerecord
      kaminari-core (= 1.2.2)
    kaminari-core (1.2.2)
    kramdown (2.4.0)
      rexml
    kramdown-parser-gfm (1.1.0)
      kramdown (~> 2.0)
    launchy (2.5.0)
      addressable (~> 2.7)
    letter_opener (1.8.1)
      launchy (>= 2.2, < 3)
    listen (3.0.8)
      rb-fsevent (~> 0.9, >= 0.9.4)
      rb-inotify (~> 0.9, >= 0.9.7)
    loofah (2.19.0)
      crass (~> 1.0.2)
      nokogiri (>= 1.5.9)
    lumberjack (1.2.8)
    mail (2.7.1)
      mini_mime (>= 0.1.1)
    marcel (1.0.2)
    memoist (0.16.2)
    method_source (1.0.0)
    mime-types (3.4.1)
      mime-types-data (~> 3.2015)
    mime-types-data (3.2022.0105)
    mini_magick (4.11.0)
    mini_mime (1.1.2)
    minitest (5.16.3)
    msgpack (1.6.0)
    multi_json (1.15.0)
    mysql2 (0.5.4)
    nenv (0.3.0)
    netrc (0.11.0)
    nio4r (2.5.8)
    nokogiri (1.13.9-x86_64-darwin)
      racc (~> 1.4)
    nokogiri (1.13.9-x86_64-linux)
      racc (~> 1.4)
    notiffany (0.1.3)
      nenv (~> 0.1)
      shellany (~> 0.0)
    os (1.1.4)
    parallel (1.22.1)
    parser (3.1.2.1)
      ast (~> 2.4.1)
    popper_js (2.11.6)
    pry (0.14.1)
      coderay (~> 1.1)
      method_source (~> 1.0)
    psych (3.3.4)
    public_suffix (5.0.0)
    puma (4.3.12)
      nio4r (~> 2.0)
    racc (1.6.0)
    rack (2.2.4)
    rack-protection (3.0.3)
      rack
    rack-proxy (0.7.4)
      rack
    rack-test (2.0.2)
      rack (>= 1.3)
    rails (6.0.3.7)
      actioncable (= 6.0.3.7)
      actionmailbox (= 6.0.3.7)
      actionmailer (= 6.0.3.7)
      actionpack (= 6.0.3.7)
      actiontext (= 6.0.3.7)
      actionview (= 6.0.3.7)
      activejob (= 6.0.3.7)
      activemodel (= 6.0.3.7)
      activerecord (= 6.0.3.7)
      activestorage (= 6.0.3.7)
      activesupport (= 6.0.3.7)
      bundler (>= 1.3.0)
      railties (= 6.0.3.7)
      sprockets-rails (>= 2.0.0)
    rails-controller-testing (1.0.5)
      actionpack (>= 5.0.1.rc1)
      actionview (>= 5.0.1.rc1)
      activesupport (>= 5.0.1.rc1)
    rails-dom-testing (2.0.3)
      activesupport (>= 4.2.0)
      nokogiri (>= 1.6)
    rails-html-sanitizer (1.4.3)
      loofah (~> 2.3)
    rails-i18n (6.0.0)
      i18n (>= 0.7, < 2)
      railties (>= 6.0.0, < 7)
    railties (6.0.3.7)
      actionpack (= 6.0.3.7)
      activesupport (= 6.0.3.7)
      method_source
      rake (>= 0.8.7)
      thor (>= 0.20.3, < 2.0)
    rainbow (3.1.1)
    rake (13.0.6)
    ransack (2.5.0)
      activerecord (>= 5.2.4)
      activesupport (>= 5.2.4)
      i18n
    rb-fsevent (0.11.2)
    rb-inotify (0.10.1)
      ffi (~> 1.0)
    rbtree3 (0.7.0)
    rdoc (6.3.3)
    redis (5.0.5)
      redis-client (>= 0.9.0)
    redis-client (0.11.1)
      connection_pool
    regexp_parser (2.6.0)
    rest-client (2.0.2)
      http-cookie (>= 1.0.2, < 2.0)
      mime-types (>= 1.16, < 4.0)
      netrc (~> 0.8)
    rexml (3.2.5)
    rspec (3.8.0)
      rspec-core (~> 3.8.0)
      rspec-expectations (~> 3.8.0)
      rspec-mocks (~> 3.8.0)
    rspec-core (3.8.2)
      rspec-support (~> 3.8.0)
    rspec-expectations (3.8.6)
      diff-lcs (>= 1.2.0, < 2.0)
      rspec-support (~> 3.8.0)
    rspec-mocks (3.8.2)
      diff-lcs (>= 1.2.0, < 2.0)
      rspec-support (~> 3.8.0)
    rspec-rails (3.8.3)
      actionpack (>= 3.0)
      activesupport (>= 3.0)
      railties (>= 3.0)
      rspec-core (~> 3.8.0)
      rspec-expectations (~> 3.8.0)
      rspec-mocks (~> 3.8.0)
      rspec-support (~> 3.8.0)
    rspec-support (3.8.3)
    rubocop (1.22.3)
      parallel (~> 1.10)
      parser (>= 3.0.0.0)
      rainbow (>= 2.2.2, < 4.0)
      regexp_parser (>= 1.8, < 3.0)
      rexml
      rubocop-ast (>= 1.12.0, < 2.0)
      ruby-progressbar (~> 1.7)
      unicode-display_width (>= 1.4.0, < 3.0)
    rubocop-ast (1.23.0)
      parser (>= 3.1.1.0)
    rubocop-dubit (1.0.1)
      haml_lint (~> 0.37.1)
      rubocop (~> 1.22.2)
      rubocop-performance (~> 1.11.5)
      rubocop-rails (~> 2.12.4)
      rubocop-rspec (~> 2.5.0)
    rubocop-performance (1.11.5)
      rubocop (>= 1.7.0, < 2.0)
      rubocop-ast (>= 0.4.0)
    rubocop-rails (2.12.4)
      activesupport (>= 4.2.0)
      rack (>= 1.1)
      rubocop (>= 1.7.0, < 2.0)
    rubocop-rspec (2.5.0)
      rubocop (~> 1.19)
    ruby-progressbar (1.11.0)
    ruby-vips (2.1.4)
      ffi (~> 1.12)
    ruby2_keywords (0.0.5)
    sass-rails (6.0.0)
      sassc-rails (~> 2.1, >= 2.1.1)
    sassc (2.4.0)
      ffi (~> 1.9)
    sassc-rails (2.1.2)
      railties (>= 4.0.0)
      sassc (>= 2.0)
      sprockets (> 3.0)
      sprockets-rails
      tilt
    sdoc (2.4.0)
      rdoc (>= 5.0)
    shellany (0.0.1)
    shoulda-matchers (5.2.0)
      activesupport (>= 5.2.0)
    sidekiq (6.0.7)
      connection_pool (>= 2.2.2)
      rack (~> 2.0)
      rack-protection (>= 2.0.0)
      redis (>= 4.1.0)
    signet (0.17.0)
      addressable (~> 2.8)
      faraday (>= 0.17.5, < 3.a)
      jwt (>= 1.5, < 3.0)
      multi_json (~> 1.10)
    simplecov (0.21.2)
      docile (~> 1.1)
      simplecov-html (~> 0.11)
      simplecov_json_formatter (~> 0.1)
    simplecov-html (0.12.3)
    simplecov_json_formatter (0.1.4)
    spring (2.1.1)
    spring-watcher-listen (2.0.1)
      listen (>= 2.7, < 4.0)
      spring (>= 1.2, < 3.0)
    sprockets (4.1.1)
      concurrent-ruby (~> 1.0)
      rack (> 1, < 3)
    sprockets-rails (3.4.2)
      actionpack (>= 5.2)
      activesupport (>= 5.2)
      sprockets (>= 3.0.0)
    sysexits (1.2.0)
    temple (0.9.1)
    thor (1.2.1)
    thread_safe (0.3.6)
    tilt (2.0.11)
    turbolinks (5.2.1)
      turbolinks-source (~> 5.2)
    turbolinks-source (5.2.0)
    tzinfo (1.2.10)
      thread_safe (~> 0.1)
    tzinfo-data (1.2022.6)
      tzinfo (>= 1.0.0)
    uglifier (4.2.0)
      execjs (>= 0.3.0, < 3)
    unf (0.1.4)
      unf_ext
    unf_ext (0.0.8.2)
    unicode-display_width (2.3.0)
    web-console (4.2.0)
      actionview (>= 6.0.0)
      activemodel (>= 6.0.0)
      bindex (>= 0.4.0)
      railties (>= 6.0.0)
    webmock (3.8.3)
      addressable (>= 2.3.6)
      crack (>= 0.3.2)
      hashdiff (>= 0.4.0, < 2.0.0)
    webpacker (4.3.0)
      activesupport (>= 4.2)
      rack-proxy (>= 0.6.1)
      railties (>= 4.2)
    webrick (1.7.0)
    websocket-driver (0.7.5)
      websocket-extensions (>= 0.1.0)
    websocket-extensions (0.1.5)
    zeitwerk (2.6.6)

PLATFORMS
  x86_64-darwin-21
  x86_64-linux

DEPENDENCIES
  active_storage_validations (~> 0.8.8)
  airbrake (~> 10.0)
  autoprefixer-rails (~> 10.1.0.0)
  awesome_print
  aws-sdk-cloudwatchlogs (~> 1.34.0)
  aws-sdk-medialive (~> 1.44.0)
  aws-sdk-mediastore (~> 1.24.0)
  aws-sdk-s3 (~> 1.62.0)
  bcrypt (~> 3.1.7)
  bootsnap (>= 1.4.2)
  bootstrap
  bootstrap_form (>= 4.0.0)
  browser
  byebug
  cancancan (~> 3.1.0)
  charlock_holmes (= 0.7.7)
  cocoon
  coffee-rails (~> 5.0.0)
  cometchat (= 0.6.1)
  dotenv-rails
  execjs (= 2.7.0)
  factory_bot_rails
  fast_jsonapi
  fcm (~> 1.0.1)
  guard
  guard-rspec
  haml-rails
  image_processing
  jquery-rails
  jsonapi_parameters
  kaminari (~> 1.2.0)
  kramdown-parser-gfm
  letter_opener
  listen (>= 3.0.5, < 3.2)
  mysql2 (>= 0.5.3)
  psych (< 4)
  puma (~> 4.1)
  rails (~> 6.0.3.7)
  rails-controller-testing
  rails-i18n (~> 6.0.0)
  ransack
  rspec-rails (~> 3.8.2)
  rubocop-dubit (~> 1.0.1)
  sass-rails (~> 6)
  sdoc
  shoulda-matchers
  sidekiq (~> 6.0.7)
  simplecov
  spring
  spring-watcher-listen (~> 2.0.0)
  turbolinks (~> 5)
  tzinfo-data
  uglifier (>= 1.3.0)
  web-console (>= 3.3.0)
  webmock (~> 3.8.3)
  webpacker (~> 4.0)
  webrick (~> 1.7)

RUBY VERSION
   ruby 3.1.2p20

BUNDLED WITH
   2.3.25
